GEM
  remote: https://rubygems.org/
  specs:
    xqsr3 (0.39.3)

PLATFORMS
  x86_64-darwin-20

DEPENDENCIES
  xqsr3 (~> 0.38)

BUNDLED WITH
   2.3.17
